GEM
  remote: https://rubygems.org/
  specs:
    connection_pool (2.3.0)
    json (1.5.5)
    rack (3.0.4.2)
    rack-cache (1.13.0)
      rack (>= 0.4)
    redis (5.0.6)
      redis-client (>= 0.9.0)
    redis-client (0.13.0)
      connection_pool
    redis-rack-cache (1.2)
      rack-cache (~> 1.2)
      redis-store (~> 1.1.0)
    redis-store (1.1.7)
      redis (>= 2.2)

PLATFORMS
  ruby

DEPENDENCIES
  json (= 1.5.5)
  redis-rack-cache (= 1.2)

BUNDLED WITH
   1.17.3
