GEM
  remote: https://rubygems.org/
  specs:
    json (1.5.5)
    rack (2.2.2)
    rack-cache (1.11.1)
      rack (>= 0.4)
    redis (4.1.4)
    redis-rack-cache (1.2)
      rack-cache (~> 1.2)
      redis-store (~> 1.1.0)
    redis-store (1.1.7)
      redis (>= 2.2)

PLATFORMS
  ruby

DEPENDENCIES
  json (= 1.5.5)
  redis-rack-cache (= 1.2)

BUNDLED WITH
   1.17.3
